GEM
  remote: https://rubygems.org/
  specs:
    ast (2.3.0)
    aws-sdk (2.2.37)
      aws-sdk-resources (= 2.2.37)
    aws-sdk-core (2.2.37)
      jmespath (~> 1.0)
    aws-sdk-resources (2.2.37)
      aws-sdk-core (= 2.2.37)
    basiccache (1.0.0)
    codecov (0.1.10)
      json
      simplecov
      url
    diff-lcs (1.3)
    docile (1.1.5)
    excon (0.59.0)
    fuubar (2.2.0)
      rspec-core (~> 3.0)
      ruby-progressbar (~> 1.4)
    goodcop (0.1.0)
      fuubar (~> 2.2.0)
    heroku-api (0.3.23)
      excon (~> 0.44)
      multi_json (~> 1.8)
    herokuconf (0.0.8)
      heroku-api (~> 0.3.22)
      netrc (~> 0.10.2)
    jmespath (1.3.1)
    json (2.1.0)
    mercenary (0.3.6)
    multi_json (1.12.2)
    mustermann (1.0.1)
    netrc (0.10.3)
    parallel (1.12.0)
    parser (2.4.0.2)
      ast (~> 2.3)
    powerpack (0.1.1)
    puma (3.10.0)
    rack (2.0.3)
    rack-protection (2.0.0)
      rack
    rack-ssl (1.4.1)
      rack
    rainbow (2.2.2)
      rake
    rake (12.3.0)
    rspec (3.7.0)
      rspec-core (~> 3.7.0)
      rspec-expectations (~> 3.7.0)
      rspec-mocks (~> 3.7.0)
    rspec-core (3.7.0)
      rspec-support (~> 3.7.0)
    rspec-expectations (3.7.0)
      diff-lcs (>= 1.2.0, < 2.0)
      rspec-support (~> 3.7.0)
    rspec-mocks (3.7.0)
      diff-lcs (>= 1.2.0, < 2.0)
      rspec-support (~> 3.7.0)
    rspec-support (3.7.0)
    rubocop (0.51.0)
      parallel (~> 1.10)
      parser (>= 2.3.3.1, < 3.0)
      powerpack (~> 0.1)
      rainbow (>= 2.2.2, < 3.0)
      ruby-progressbar (~> 1.7)
      unicode-display_width (~> 1.0, >= 1.0.1)
    ruby-progressbar (1.9.0)
    s3repo (1.0.0)
      aws-sdk (~> 2.2.0)
      basiccache (~> 1.0.0)
      mercenary (~> 0.3.4)
    simplecov (0.15.1)
      docile (~> 1.1.0)
      json (>= 1.8, < 3)
      simplecov-html (~> 0.10.0)
    simplecov-html (0.10.2)
    sinatra (2.0.0)
      mustermann (~> 1.0)
      rack (~> 2.0)
      rack-protection (= 2.0.0)
      tilt (~> 2.0)
    tilt (2.0.8)
    unicode-display_width (1.3.0)
    url (0.3.2)

PLATFORMS
  ruby

DEPENDENCIES
  codecov (~> 0.1.1)
  fuubar (~> 2.2.0)
  goodcop (~> 0.1.0)
  herokuconf (~> 0.0.8)
  puma (~> 3.10.0)
  rack-ssl (~> 1.4.1)
  rake (~> 12.3.0)
  rspec (~> 3.7.0)
  rubocop (~> 0.51.0)
  s3repo (~> 1.0.0)
  sinatra (~> 2.0.0)

RUBY VERSION
   ruby 2.4.2p198

BUNDLED WITH
   1.15.4
